GEM
  remote: https://rubygems.org/
  specs:
    coderay (1.1.1)
    dotenv (2.2.1)
    faraday (0.9.2)
      multipart-post (>= 1.2, < 3)
    method_source (0.8.2)
    multi_json (1.12.1)
    multipart-post (2.0.0)
    pry (0.10.4)
      coderay (~> 1.1.0)
      method_source (~> 0.8.1)
      slop (~> 3.4)
    simple_oauth (0.3.1)
    slop (3.6.0)
    twitter (4.8.1)
      faraday (~> 0.8, < 0.10)
      multi_json (~> 1.0)
      simple_oauth (~> 0.2)

PLATFORMS
  ruby

DEPENDENCIES
  dotenv
  pry
  twitter (~> 4.8.1)

BUNDLED WITH
   1.15.1
